PATH
  remote: ../../../..
  specs:
    appsignal (3.9.2)
      rack

GEM
  remote: https://rubygems.org/
  specs:
    rack (3.1.5)

PLATFORMS
  ruby

DEPENDENCIES
  appsignal!

BUNDLED WITH
   2.2.28
