PATH
  remote: ../../../..
  specs:
    appsignal (3.0.15)
      rack

GEM
  remote: https://rubygems.org/
  specs:
    rack (2.2.3)

PLATFORMS
  ruby

DEPENDENCIES
  appsignal!

BUNDLED WITH
   2.2.28
