PATH
  remote: ../../../..
  specs:
    appsignal (3.12.0)
      rack

GEM
  remote: https://rubygems.org/
  specs:
    rack (3.1.7)

PLATFORMS
  ruby

DEPENDENCIES
  appsignal!

BUNDLED WITH
   2.2.28
