PATH
  remote: ../../../..
  specs:
    appsignal (4.5.3)
      logger
      rack (>= 2.0.0)

GEM
  remote: https://rubygems.org/
  specs:
    logger (1.6.6)
    rack (3.1.12)

PLATFORMS
  ruby

DEPENDENCIES
  appsignal!

BUNDLED WITH
   2.2.28
